PATH
  remote: .
  specs:
    HabiticaAPIClient (0.0.1)

GEM
  remote: https://rubygems.org/
  specs:

PLATFORMS
  ruby

DEPENDENCIES
  HabiticaAPIClient!

BUNDLED WITH
   1.12.5
